GEM
  remote: https://rubygems.org/
  specs:
    archive-tar-minitar (0.8)
      minitar (~> 0.8)
      minitar-cli (~> 0.8)
    hashie (3.6.0)
    minitar (0.8)
    minitar-cli (0.8)
      minitar (~> 0.8.0)
      powerbar (~> 1.0)
    powerbar (1.0.18)
      hashie (>= 1.1.0)
    thor (0.20.0)

PLATFORMS
  ruby

DEPENDENCIES
  archive-tar-minitar
  thor

BUNDLED WITH
   1.16.6
